GEM
  remote: https://rubygems.org/
  specs:
    ruby-graphviz (1.2.4)

PLATFORMS
  x64-mingw32

DEPENDENCIES
  ruby-graphviz

BUNDLED WITH
   2.0.2
